

GROUP generator
RESTRICTION: == net6.0
NUGET
  remote: https://api.nuget.org/v3/index.json
    Xamarin.Forms (5.0.0.2291)
